GEM
  remote: https://rubygems.org/
  specs:
    sass (3.4.24)
    sass-globbing (1.1.5)
      sass (>= 3.1)

PLATFORMS
  ruby

DEPENDENCIES
  sass
  sass-globbing

BUNDLED WITH
   1.13.6
